PATH
  remote: .
  specs:
    amazing_print (1.1.1)

GEM
  remote: https://rubygems.org/
  specs:
    appraisal (2.2.0)
      bundler
      rake
      thor (>= 0.14.0)
    ast (2.4.0)
    coderay (1.1.2)
    diff-lcs (1.3)
    fakefs (1.2.0)
    ffi (1.12.2-java)
    jaro_winkler (1.5.4)
    jaro_winkler (1.5.4-java)
    method_source (1.0.0)
    mini_portile2 (2.4.0)
    nokogiri (1.10.9)
      mini_portile2 (~> 2.4.0)
    nokogiri (1.10.9-java)
    parallel (1.19.1)
    parser (2.7.1.2)
      ast (~> 2.4.0)
    pry (0.13.0)
      coderay (~> 1.1)
      method_source (~> 1.0)
    pry (0.13.0-java)
      coderay (~> 1.1)
      method_source (~> 1.0)
      spoon (~> 0.0)
    rainbow (3.0.0)
    rake (13.0.1)
    rexml (3.2.4)
    rspec (3.9.0)
      rspec-core (~> 3.9.0)
      rspec-expectations (~> 3.9.0)
      rspec-mocks (~> 3.9.0)
    rspec-core (3.9.1)
      rspec-support (~> 3.9.1)
    rspec-expectations (3.9.1)
      diff-lcs (>= 1.2.0, < 2.0)
      rspec-support (~> 3.9.0)
    rspec-mocks (3.9.1)
      diff-lcs (>= 1.2.0, < 2.0)
      rspec-support (~> 3.9.0)
    rspec-support (3.9.2)
    rubocop (0.81.0)
      jaro_winkler (~> 1.5.1)
      parallel (~> 1.10)
      parser (>= 2.7.0.1)
      rainbow (>= 2.2.2, < 4.0)
      rexml
      ruby-progressbar (~> 1.7)
      unicode-display_width (>= 1.4.0, < 2.0)
    ruby-progressbar (1.10.1)
    spoon (0.0.6)
      ffi
    thor (1.0.1)
    unicode-display_width (1.7.0)

PLATFORMS
  java
  ruby

DEPENDENCIES
  amazing_print!
  appraisal
  fakefs (>= 0.2.1)
  nokogiri (>= 1.6.5)
  pry
  rspec (>= 3.0.0)
  rubocop (~> 0.81.0)

BUNDLED WITH
   2.1.4
